GEM
  remote: https://rubygems.org/
  specs:
    colorize (3.0.0)

PLATFORMS
  ruby

DEPENDENCIES
  colorize

BUNDLED WITH
1.16.5